GEM
  remote: https://rubygems.org/
  specs:
    mini_portile2 (2.4.0)
    nokogiri (1.10.9)
      mini_portile2 (~> 2.4.0)
    open_uri_redirections (0.2.1)

PLATFORMS
  ruby

DEPENDENCIES
  nokogiri
  open_uri_redirections

RUBY VERSION
   ruby 2.5.1p57

BUNDLED WITH
   2.1.4
